GEM
  remote: https://rubygems.org/
  specs:
    rethinkdb (2.3.0.2)

PLATFORMS
  ruby

DEPENDENCIES
  rethinkdb

BUNDLED WITH
   1.15.1
